GEM
  remote: http://rubygems.org/
  specs:
    diff-lcs