GEM
  remote: http://rubygems.org/