GEM
  remote: http://rubygems.or