GEM
  remote: http://rubygems.org/
  specs:
    diff-lcs (1.2.4)
    rspe