GEM
  remote: http://rubygems.org/
  spec