GEM
  remote: http://rubygems.o